PATH
  remote: ../..
  specs:
    pact (1.64.0)
      pact-mock_service (~> 3.0, >= 3.3.1)
      pact-support (~> 1.16, >= 1.16.9)
      rack-test (>= 0.6.3, < 3.0.0)
      rspec (~> 3.0)
      term-ansicolor (~> 1.7)
      thor (>= 0.20, < 2.0)
      webrick (~> 1.8)

GEM
  remote: https://rubygems.org/
  specs:
    awesome_print (1.9.2)
    base64 (0.2.0)
    bigdecimal (3.1.8)
    coderay (1.1.3)
    diff-lcs (1.5.1)
    expgen (0.1.1)
      parslet
    find_a_port (1.0.1)
    json (2.7.2)
    method_source (1.1.0)
    mini_portile2 (2.8.7)
    mize (0.4.1)
      protocol (~> 2.0)
    mustermann (3.0.0)
      ruby2_keywords (~> 0.0.1)
    pact-mock_service (3.12.2)
      find_a_port (~> 1.0.1)
      json
      pact-support (~> 1.16, >= 1.16.4)
      rack (>= 3.0, < 4.0)
      rackup (~> 2.0)
      rspec (>= 2.14)
      thor (>= 0.19, < 2.0)
      webrick (~> 1.8)
    pact-support (1.20.0)
      awesome_print (~> 1.9)
      diff-lcs (~> 1.5)
      expgen (~> 0.1)
      rainbow (~> 3.1.1)
    parslet (2.0.0)
    protocol (2.0.0)
      ruby_parser (~> 3.0)
    pry (0.14.2)
      coderay (~> 1.1)
      method_source (~> 1.0)
    racc (1.8.0)
    rack (3.1.4)
    rack-protection (4.0.0)
      base64 (>= 0.1.0)
      rack (>= 3.0.0, < 4)
    rack-session (2.0.0)
      rack (>= 3.0.0)
    rack-test (2.1.0)
      rack (>= 1.3)
    rackup (2.1.0)
      rack (>= 3)
      webrick (~> 1.8)
    rainbow (3.1.1)
    rake (13.2.1)
    rspec (3.13.0)
      rspec-core (~> 3.13.0)
      rspec-expectations (~> 3.13.0)
      rspec-mocks (~> 3.13.0)
    rspec-core (3.13.0)
      rspec-support (~> 3.13.0)
    rspec-expectations (3.13.1)
      diff-lcs (>= 1.2.0, < 2.0)
      rspec-support (~> 3.13.0)
    rspec-mocks (3.13.1)
      diff-lcs (>= 1.2.0, < 2.0)
      rspec-support (~> 3.13.0)
    rspec-support (3.13.1)
    ruby2_keywords (0.0.5)
    ruby_parser (3.21.0)
      racc (~> 1.5)
      sexp_processor (~> 4.16)
    sequel (5.81.0)
      bigdecimal
    sexp_processor (4.17.1)
    sinatra (4.0.0)
      mustermann (~> 3.0)
      rack (>= 3.0.0, < 4)
      rack-protection (= 4.0.0)
      rack-session (>= 2.0.0, < 3)
      tilt (~> 2.0)
    sqlite3 (2.0.2)
      mini_portile2 (~> 2.8.0)
    sync (0.5.0)
    term-ansicolor (1.10.2)
      mize
      tins (~> 1.0)
    thor (1.3.1)
    tilt (2.3.0)
    tins (1.33.0)
      bigdecimal
      sync
    webrick (1.8.1)

PLATFORMS
  ruby

DEPENDENCIES
  pact!
  pry
  rack (>= 3.0.0)
  rake
  rspec
  sequel
  sinatra (>= 4.0.0)
  sqlite3

BUNDLED WITH
   2.5.11
