PATH
  remote: ../..
  specs:
    pact (1.66.1)
      jsonpath (~> 1.0)
      pact-mock_service (~> 3.0, >= 3.3.1)
      pact-support (~> 1.21, >= 1.21.0)
      rack-test (>= 0.6.3, < 3.0.0)
      rainbow (~> 3.1)
      rspec (~> 3.0)
      string_pattern (~> 2.0)
      thor (>= 0.20, < 2.0)

GEM
  remote: https://rubygems.org/
  specs:
    awesome_print (1.9.2)
    base64 (0.2.0)
    bigdecimal (3.1.9)
    coderay (1.1.3)
    csv (3.3.3)
    diff-lcs (1.5.1)
    dig_rb (1.0.1)
    expgen (0.1.1)
      parslet
    find_a_port (1.0.1)
    httparty (0.23.1)
      csv
      mini_mime (>= 1.0.0)
      multi_xml (>= 0.5.2)
    json (2.8.2)
    jsonpath (1.1.5)
      multi_json
    method_source (1.1.0)
    mini_mime (1.1.5)
    multi_json (1.15.0)
    multi_xml (0.7.1)
      bigdecimal (~> 3.1)
    ostruct (0.6.1)
    pact-mock_service (3.12.3)
      find_a_port (~> 1.0.1)
      json
      pact-support (~> 1.16, >= 1.16.4)
      rack (>= 3.0, < 4.0)
      rackup (~> 2.0)
      rspec (>= 2.14)
      thor (>= 0.19, < 2.0)
      webrick (~> 1.8)
    pact-support (1.21.2)
      awesome_print (~> 1.9)
      diff-lcs (~> 1.5)
      expgen (~> 0.1)
      jsonpath (~> 1.0)
      rainbow (~> 3.1.1)
      string_pattern (~> 2.0)
    pact_broker-client (1.77.0)
      base64 (~> 0.2)
      dig_rb (~> 1.0)
      httparty (>= 0.21.0, < 1.0.0)
      ostruct
      rake (~> 13.0)
      table_print (~> 1.5)
      term-ansicolor (~> 1.7)
      thor (>= 0.20, < 2.0)
    parslet (2.0.0)
    pry (0.15.2)
      coderay (~> 1.1)
      method_source (~> 1.0)
    rack (3.1.16)
    rack-test (2.1.0)
      rack (>= 1.3)
    rackup (2.2.1)
      rack (>= 3)
    rainbow (3.1.1)
    rake (13.3.0)
    regexp_parser (2.10.0)
    rspec (3.13.1)
      rspec-core (~> 3.13.0)
      rspec-expectations (~> 3.13.0)
      rspec-mocks (~> 3.13.0)
    rspec-core (3.13.4)
      rspec-support (~> 3.13.0)
    rspec-expectations (3.13.5)
      diff-lcs (>= 1.2.0, < 2.0)
      rspec-support (~> 3.13.0)
    rspec-mocks (3.13.5)
      diff-lcs (>= 1.2.0, < 2.0)
      rspec-support (~> 3.13.0)
    rspec-support (3.13.4)
    string_pattern (2.3.0)
      regexp_parser (~> 2.5, >= 2.5.0)
    sync (0.5.0)
    table_print (1.5.7)
    term-ansicolor (1.11.2)
      tins (~> 1.0)
    thor (1.3.2)
    tins (1.37.0)
      bigdecimal
      sync
    webrick (1.9.0)

PLATFORMS
  ruby

DEPENDENCIES
  httparty (>= 0.21.0)
  pact!
  pact_broker-client
  pry
  rack (>= 3.1.5)
  rake
  rspec

BUNDLED WITH
   2.5.11
